GIT
  remote: https://github.com/heroku/ruby-kafka.git
  revision: 361b5647262603f1165abad268dcb8727b363b9d
  branch: support_ca_cert_from_a_file
  specs:
    ruby-kafka (0.3.18.beta2)
      gssapi (>= 1.2.0)

GEM
  remote: https://rubygems.org/
  specs:
    activesupport (4.2.4)
      i18n (~> 0.7)
      json (~> 1.7, >= 1.7.7)
      minitest (~> 5.1)
      thread_safe (~> 0.3, >= 0.3.4)
      tzinfo (~> 1.1)
    ffi (1.9.18)
    gssapi (1.2.0)
      ffi (>= 1.0.1)
    i18n (0.7.0)
    json (1.8.3)
    minitest (5.8.3)
    puma (2.14.0)
    rack (1.6.4)
    rack-protection (1.5.3)
      rack
    sinatra (1.4.7)
      rack (~> 1.5)
      rack-protection (~> 1.4)
      tilt (>= 1.3, < 3)
    thread_safe (0.3.5)
    tilt (2.0.2)
    tzinfo (1.2.2)
      thread_safe (~> 0.1)

PLATFORMS
  ruby

DEPENDENCIES
  activesupport
  puma
  ruby-kafka!
  sinatra

BUNDLED WITH
   1.11.2
